GEM
  remote: http://rubygems.org/
  specs:
    byebug (10.0.2)
    httparty (0.16.2)
      multi_xml (>= 0.5.2)
    multi_xml (0.6.0)

PLATFORMS
  ruby

DEPENDENCIES
  byebug
  httparty

BUNDLED WITH
   1.16.3
